GEM
  remote: http://rubygems.org/
  specs:
    json (1.8.2)
    mime-types (1.25.1)
    rake (0.9.2.2)
    rdiscount (1.6.8)
    rdoc (4.2.0)
      json (~> 1.4)
    rest-client (1.6.8)
      mime-types (~> 1.16)
      rdoc (>= 2.4.2)
    xml-simple (1.1.4)

PLATFORMS
  ruby

DEPENDENCIES
  json
  rake (~> 0.9.2.2)
  rdiscount (= 1.6.8)
  rest-client (~> 1.6.0)
  xml-simple
